PATH
  remote: .
  specs:
    qplaylist-remember-comments-process (1.0.0)
      bundler (= 1.16.1)
      gmail (= 0.6.0)

GEM
  remote: https://rubygems.org/
  specs:
    gmail (0.6.0)
      gmail_xoauth (>= 0.3.0)
      mail (>= 2.2.1)
    gmail_xoauth (0.4.2)
      oauth (>= 0.3.6)
    mail (2.7.0)
      mini_mime (>= 0.1.1)
    mini_mime (1.0.0)
    minitest (5.4.3)
    oauth (0.5.4)
    rake (12.3.0)

PLATFORMS
  x86-mingw32

DEPENDENCIES
  minitest (= 5.4.3)
  qplaylist-remember-comments-process!
  rake (= 12.3.0)

RUBY VERSION
   ruby 2.2.5p319

BUNDLED WITH
   1.16.1
